GEM
  remote: http://rubygems.org/
  specs:
    albino (1.3.3)
      posix-spawn (>= 0.3.6)
    posix-spawn (0.3.6)

PLATFORMS
  ruby

DEPENDENCIES
  albino
