GEM
  remote: http://rubygems.org/
  specs:
    adsf (1.0.1)
      rack (>= 1.0.0)
    albino (1.3.3)
      posix-spawn (>= 0.3.6)
    bluecloth (2.2.0)
    builder (3.0.0)
    chunky_png (1.2.5)
    compass (0.11.5)
      chunky_png (~> 1.2)
      fssm (>= 0.2.7)
      sass (~> 3.1)
    cri (2.0.2)
    fssm (0.2.7)
    haml (3.1.3)
    mime-types (1.17.2)
    nanoc (3.2.3)
      nanoc3 (>= 3.2.3)
    nanoc3 (3.2.3)
      cri (~> 2.0)
    posix-spawn (0.3.6)
    rack (1.3.5)
    rake (0.9.2.2)
    sass (3.1.10)

PLATFORMS
  ruby

DEPENDENCIES
  adsf
  albino
  bluecloth
  builder
  compass
  haml
  mime-types
  nanoc
  rack
  rake
  sass
